GEM
  remote: https://rubygems.org/
  specs:
    childprocess (0.5.9)
      ffi (~> 1.0, >= 1.0.11)
    ffi (1.9.14-x64-mingw32)
    multi_json (1.12.1)
    rubyzip (1.2.0)
    selenium-webdriver (2.48.1)
      childprocess (~> 0.5)
      multi_json (~> 1.0)
      rubyzip (~> 1.0)
      websocket (~> 1.0)
    thor (0.19.4)
    websocket (1.2.3)

PLATFORMS
  x64-mingw32

DEPENDENCIES
  selenium-webdriver (= 2.48.1)
  thor (~> 0.19.4)

BUNDLED WITH
   1.13.7
